GEM
  remote: https://rubygems.org/
  specs:
    brotli (0.7.0)
    date (3.4.1)
    debug (1.11.0)
      irb (~> 1.10)
      reline (>= 0.3.8)
    erb (5.0.2)
    extlz4 (0.3.5)
    io-console (0.8.1)
    irb (1.15.2)
      pp (>= 0.6.0)
      rdoc (>= 4.0.0)
      reline (>= 0.4.2)
    pp (0.6.2)
      prettyprint
    prettyprint (0.2.0)
    psych (5.2.6)
      date
      stringio
    rdoc (6.14.2)
      erb
      psych (>= 4.0.0)
    reline (0.6.2)
      io-console (~> 0.5)
    snappy (0.4.0)
    stringio (3.1.7)
    zstd-ruby (1.5.7.0)

PLATFORMS
  aarch64-linux
  ruby

DEPENDENCIES
  brotli
  debug
  extlz4 (~> 0.3)
  snappy
  zstd-ruby (~> 1.5)

BUNDLED WITH
   2.7.1
