GEM
  remote: https://rubygems.org/
  specs:
    byebug (11.1.3)
    coderay (1.1.3)
    ffi (1.15.5)
    method_source (1.0.0)
    pry (0.14.2)
      coderay (~> 1.1)
      method_source (~> 1.0)
    pry-byebug (3.10.1)
      byebug (~> 11.0)
      pry (>= 0.13, < 0.15)
    snappy (0.3.0)
    zstandard (0.1.3)
      ffi (~> 1.0)

PLATFORMS
  x86_64-darwin-22
  x86_64-linux

DEPENDENCIES
  pry
  pry-byebug
  snappy
  zstandard

BUNDLED WITH
   2.4.7
